GEM
  remote: http://rubygems.org/
  specs:
    diff-lcs (1.1.2)
    grit (2.4.1)
      diff-lcs (~> 1.1)
      mime-types (~> 1.15)
    mime-types (1.16)
    minitest (2.1.0)
    mocha (0.9.12)
    redis (2.2.0)
    statemachine (1.1.1)

PLATFORMS
  ruby

DEPENDENCIES
  grit
  minitest
  mocha
  redis
  statemachine
